GEM
  specs:
    domain_name (0.5.20160310)
      unf (>= 0.0.5, < 1.0.0)
    http-cookie (1.0.2)
      domain_name (~> 0.5)
    i18n (0.7.0)
    macaddr (1.7.1)
      systemu (~> 2.6.2)
    mime-types (2.99)
    money (6.5.1)
      i18n (>= 0.6.4, <= 0.7.0)
    netrc (0.11.0)
    rest-client (1.8.0)
      http-cookie (>= 1.0.2, < 2.0)
      mime-types (>= 1.16, < 3.0)
      netrc (~> 0.7)
    stripe (1.43.0)
      rest-client (~> 1.4)
    systemu (2.6.5)
    unf (0.1.4)
      unf_ext
    unf_ext (0.0.7.2)
    uuid (2.3.8)
      macaddr (~> 1.0)

PLATFORMS
  ruby

DEPENDENCIES
  money
  stripe
  uuid (~> 2.3)

BUNDLED WITH
   1.11.2
